PATH
  remote: .
  specs:
    activeinteractor (0.1.7)
      activemodel (>= 4.2, < 6.1)
      activesupport (>= 4.2, < 6.1)

GEM
  remote: https://rubygems.org/
  specs:
    activemodel (6.0.2.1)
      activesupport (= 6.0.2.1)
    activesupport (6.0.2.1)
      concurrent-ruby (~> 1.0, >= 1.0.2)
      i18n (>= 0.7, < 2)
      minitest (~> 5.1)
      tzinfo (~> 1.1)
      zeitwerk (~> 2.2)
    ast (2.4.0)
    codacy-coverage (2.2.0)
      simplecov
    concurrent-ruby (1.1.5)
    diff-lcs (1.3)
    docile (1.3.2)
    github-markup (3.0.4)
    i18n (1.7.0)
      concurrent-ruby (~> 1.0)
    jaro_winkler (1.5.4)
    json (2.3.0)
    kramdown (2.1.0)
    kramdown-parser-gfm (1.1.0)
      kramdown (~> 2.0)
    mdl (0.8.0)
      kramdown (~> 2.0)
      kramdown-parser-gfm (~> 1.0)
      mixlib-cli (~> 2.1, >= 2.1.1)
      mixlib-config (>= 2.2.1, < 4)
    minitest (5.13.0)
    mixlib-cli (2.1.1)
    mixlib-config (3.0.1)
      tomlrb
    parallel (1.19.1)
    parser (2.6.5.0)
      ast (~> 2.4.0)
    rainbow (3.0.0)
    rake (12.3.3)
    redcarpet (3.5.0)
    rspec (3.9.0)
      rspec-core (~> 3.9.0)
      rspec-expectations (~> 3.9.0)
      rspec-mocks (~> 3.9.0)
    rspec-core (3.9.0)
      rspec-support (~> 3.9.0)
    rspec-expectations (3.9.0)
      diff-lcs (>= 1.2.0, < 2.0)
      rspec-support (~> 3.9.0)
    rspec-mocks (3.9.0)
      diff-lcs (>= 1.2.0, < 2.0)
      rspec-support (~> 3.9.0)
    rspec-support (3.9.0)
    rubocop (0.77.0)
      jaro_winkler (~> 1.5.1)
      parallel (~> 1.10)
      parser (>= 2.6)
      rainbow (>= 2.2.2, < 4.0)
      ruby-progressbar (~> 1.7)
      unicode-display_width (>= 1.4.0, < 1.7)
    ruby-progressbar (1.10.1)
    simplecov (0.17.1)
      docile (~> 1.1)
      json (>= 1.8, < 3)
      simplecov-html (~> 0.10.0)
    simplecov-html (0.10.2)
    thread_safe (0.3.6)
    tomlrb (1.2.8)
    tzinfo (1.2.5)
      thread_safe (~> 0.1)
    unicode-display_width (1.6.0)
    yard (0.9.20)
    yard-activesupport-concern (0.0.1)
      yard (>= 0.8)
    zeitwerk (2.2.2)

PLATFORMS
  ruby

DEPENDENCIES
  activeinteractor!
  bundler (~> 2.0)
  codacy-coverage (~> 2.1)
  github-markup (~> 3.0)
  mdl (~> 0.5)
  rake (~> 12.3)
  redcarpet (~> 3.4)
  rspec (~> 3.0)
  rubocop (~> 0.67)
  simplecov (~> 0.16)
  yard (~> 0.9)
  yard-activesupport-concern (= 0.0.1)

BUNDLED WITH
   2.0.1
